GIT
  remote: git://github.com/tomas-stefano/infinity_test.git
  revision: c732c6bcc54e8745fba4dbd4565e068a2a329e1a
  specs:
    infinity_test (0.2.0)
      notifiers (>= 1.1.0)
      watchr (>= 0.7)

GEM
  remote: http://rubygems.org/
  specs:
    activesupport (3.0.1)
    addressable (2.2.2)
    crack (0.1.8)
    diff-lcs (1.1.2)
    notifiers (1.1.0)
    rspec (2.0.1)
      rspec-core (~> 2.0.1)
      rspec-expectations (~> 2.0.1)
      rspec-mocks (~> 2.0.1)
    rspec-core (2.0.1)
    rspec-expectations (2.0.1)
      diff-lcs (>= 1.1.2)
    rspec-mocks (2.0.1)
      rspec-core (~> 2.0.1)
      rspec-expectations (~> 2.0.1)
    watchr (0.7)
    webmock (1.4.0)
      addressable (>= 2.2.2)
      crack (>= 0.1.7)

PLATFORMS
  java
  ruby

DEPENDENCIES
  activesupport (~> 3.0.1)
  infinity_test!
  rspec (~> 2.0)
  webmock (~> 1.4.0)
