GIT
  remote: git@github.com:nanodeath/ReReplay.git
  revision: 5023bed542f3730d8170a99e4a6dc03ee0152e2d
  specs:
    rereplay (0.2)

GEM
  remote: http://rubygems.org/
  specs:
    jdbc-sqlite3 (3.6.14.2.056-java)
    rack (1.2.1)
    sequel (3.16.0)
    sinatra (1.1.0)
      rack (~> 1.1)
      tilt (~> 1.1)
    sqlite3-ruby (1.3.2)
    tilt (1.1)

PLATFORMS
  java
  ruby

DEPENDENCIES
  jdbc-sqlite3
  rereplay!
  sequel
  sinatra
  sqlite3-ruby
